GEM
  remote: https://rubygems.org/
  specs:
    bson (2.3.0)
    msgpack (0.5.11)
    oj (2.9.9)

PLATFORMS
  ruby

DEPENDENCIES
  bson (~> 2.3)
  msgpack
  oj
