GEM
  remote: https://rubygems.org/
  specs:
    msgpack (0.5.11)

PLATFORMS
  ruby

DEPENDENCIES
  msgpack
